GEM
  remote: https://rubygems.org/
  specs:
    SimControl (0.1.4)
      active_support
      i18n
      thor
    active_support (3.0.0)
      activesupport (= 3.0.0)
    activesupport (3.0.0)
    i18n (0.6.5)
    thor (0.18.1)

PLATFORMS
  ruby

DEPENDENCIES
  SimControl
